GEM
  remote: http://rubygems.org/
  specs:
    diff-lcs (1.1.2)
    gem_plugin (0.2.3)
    mongrel (1.1.5-java)
      gem_plugin (>= 0.2.3)
    rack (1.2.1)
    rake (0.8.7)
    rspec (2.0.0)
      rspec-core (= 2.0.0)
      rspec-expectations (= 2.0.0)
      rspec-mocks (= 2.0.0)
    rspec-core (2.0.0)
    rspec-expectations (2.0.0)
      diff-lcs (>= 1.1.2)
    rspec-mocks (2.0.0)
      rspec-core (= 2.0.0)
      rspec-expectations (= 2.0.0)
    sinatra (1.0)
      rack (>= 1.0)
    yard (0.6.1)

PLATFORMS
  java
  ruby

DEPENDENCIES
  mongrel
  rake
  rspec
  sinatra
  yard
